GEM
  remote: http://rubygems.org/
  specs:
    blankslate (2.1.2.4)
    classifier (1.3.3)
      fast-stemmer (>= 1.0.0)
    directory_watcher (1.4.0)
    em-dir-watcher (0.9.4)
    fast-stemmer (1.0.0)
    ffi (1.0.10)
    gsl (1.14.7)
      narray (>= 0.5.9)
    hpricot (0.8.4)
    inflection (0.1.1)
    jekyll (0.10.0)
      classifier (>= 1.3.1)
      directory_watcher (>= 1.1.1)
      liquid (>= 1.9.0)
      maruku (>= 0.5.9)
    liquid (2.2.2)
    maruku (0.6.0)
      syntax (>= 1.0.0)
    narray (0.5.9.9)
    nokogiri (1.4.4)
    pygments.rb (0.2.3)
      rubypython (>= 0.5.1)
    redcarpet (1.17.2)
    rmagick (2.13.1)
    rubypython (0.5.3)
      blankslate (>= 2.1.2.3)
      ffi (~> 1.0.7)
    syntax (1.0.0)

PLATFORMS
  ruby

DEPENDENCIES
  em-dir-watcher
  gsl
  hpricot
  inflection
  jekyll
  nokogiri
  pygments.rb
  redcarpet
  rmagick
