GEM
  remote: http://rubygems.org/
  specs:
    albino (1.3.3)
      posix-spawn (>= 0.3.6)
    blankslate (2.1.2.4)
    classifier (1.3.3)
      fast-stemmer (>= 1.0.0)
    clipboard (1.0.1)
    coffee-script (2.2.0)
      coffee-script-source
      execjs
    coffee-script-source (1.3.1)
    directory_watcher (1.4.0)
    em-dir-watcher (0.9.4)
    execjs (1.3.0)
      multi_json (~> 1.0)
    fast-stemmer (1.0.0)
    ffi (1.0.10)
    gsl (1.14.7)
      narray (>= 0.5.9)
    haml (3.1.4)
    hpricot (0.8.4)
    inflection (0.1.1)
    jekyll (0.11.2)
      albino (~> 1.3)
      classifier (~> 1.3)
      directory_watcher (~> 1.1)
      kramdown (~> 0.13)
      liquid (~> 2.3)
      maruku (~> 0.5)
    kramdown (0.13.5)
    liquid (2.3.0)
    maruku (0.6.0)
      syntax (>= 1.0.0)
    multi_json (1.3.2)
    narray (0.5.9.9)
    nokogiri (1.4.4)
    posix-spawn (0.3.6)
    pygments.rb (0.2.3)
      rubypython (>= 0.5.1)
    redcarpet (1.17.2)
    rmagick (2.13.1)
    rubypants (0.2.0)
    rubypython (0.5.3)
      blankslate (>= 2.1.2.3)
      ffi (~> 1.0.7)
    sass (3.1.16)
    stylus (0.5.0)
      execjs
      stylus-source
    stylus-source (0.24.0)
    syntax (1.0.0)

PLATFORMS
  ruby

DEPENDENCIES
  clipboard
  coffee-script
  em-dir-watcher
  gsl (~> 1.14)
  haml
  hpricot
  inflection
  jekyll (~> 0.11)
  nokogiri
  pygments.rb
  redcarpet
  rmagick
  rubypants
  sass
  stylus
